GIT
  remote: https://github.com/llmora/ruby-eth.git
  revision: f224816f9b989105ced079e0972713e0ef0401fb
  branch: scrypt
  specs:
    eth (0.4.5)
      digest-sha3 (~> 1.1)
      ffi (~> 1.0)
      money-tree (~> 0.9)
      rlp (~> 0.7.3)
      scrypt (~> 3.0.5)

GEM
  remote: https://rubygems.org/
  specs:
    backports (3.10.3)
    daemons (1.2.5)
    digest-sha3 (1.1.0)
    domain_name (0.5.20170404)
      unf (>= 0.0.5, < 1.0.0)
    eventmachine (1.2.5)
    ffi (1.9.18)
    ffi-compiler (1.0.1)
      ffi (>= 1.0.0)
      rake
    http-cookie (1.0.3)
      domain_name (~> 0.5)
    mime-types (3.1)
      mime-types-data (~> 3.2015)
    mime-types-data (3.2016.0521)
    money-tree (0.9.0)
      ffi
    multi_json (1.12.2)
    mustermann (1.0.1)
    netrc (0.11.0)
    rack (2.0.3)
    rack-protection (2.0.0)
      rack
    rake (12.3.0)
    rest-client (2.0.2)
      http-cookie (>= 1.0.2, < 2.0)
      mime-types (>= 1.16, < 4.0)
      netrc (~> 0.8)
    rlp (0.7.3)
    scrypt (3.0.5)
      ffi-compiler (>= 1.0, < 2.0)
    sinatra (2.0.0)
      mustermann (~> 1.0)
      rack (~> 2.0)
      rack-protection (= 2.0.0)
      tilt (~> 2.0)
    sinatra-config-file (1.0)
      sinatra-contrib
    sinatra-contrib (2.0.0)
      backports (>= 2.0)
      multi_json
      mustermann (~> 1.0)
      rack-protection (= 2.0.0)
      sinatra (= 2.0.0)
      tilt (>= 1.3, < 3)
    thin (1.7.2)
      daemons (~> 1.0, >= 1.0.9)
      eventmachine (~> 1.0, >= 1.0.4)
      rack (>= 1, < 3)
    tilt (2.0.8)
    unf (0.1.4)
      unf_ext
    unf_ext (0.0.7.4)

PLATFORMS
  ruby

DEPENDENCIES
  eth!
  rest-client
  sinatra
  sinatra-config-file
  thin

BUNDLED WITH
   1.16.0
